PATH
  remote: .
  specs:
    em_apn_manager (0.0.1)
      em-hiredis (>= 0.2.1)
      eventmachine (>= 1.0.0.beta.3)
      redis (>= 3.0.4)
      yajl-ruby (>= 0.8.2)

GEM
  remote: https://rubygems.org/
  specs:
    diff-lcs (1.1.3)
    em-hiredis (0.2.1)
      hiredis (~> 0.4.0)
    eventmachine (1.0.3)
    hiredis (0.4.5)
    redis (3.0.4)
    rspec (2.6.0)
      rspec-core (~> 2.6.0)
      rspec-expectations (~> 2.6.0)
      rspec-mocks (~> 2.6.0)
    rspec-core (2.6.4)
    rspec-expectations (2.6.0)
      diff-lcs (~> 1.1.2)
    rspec-mocks (2.6.0)
    yajl-ruby (1.1.0)

PLATFORMS
  ruby

DEPENDENCIES
  em_apn_manager!
  rspec (~> 2.6.0)
